GEM
  remote: https://rubygems.org/
  specs:
    Ascii85 (1.0.2)
    afm (0.2.2)
    asciidoctor (1.5.4)
    asciidoctor-pdf (1.5.0.alpha.5)
      asciidoctor (~> 1.5.0)
      prawn (= 1.2.1)
      prawn-svg (= 0.16.0)
      prawn-table (= 0.1.1)
      prawn-templates (= 0.0.3)
      treetop (= 1.5.3)
    coderay (1.1.1)
    hashery (2.1.2)
    pdf-core (0.2.5)
    pdf-reader (1.4.0)
      Ascii85 (~> 1.0.0)
      afm (~> 0.2.1)
      hashery (~> 2.0)
      ruby-rc4
      ttfunk
    polyglot (0.3.5)
    prawn (1.2.1)
      pdf-core (~> 0.2.5)
      ttfunk (~> 1.2.0)
    prawn-svg (0.16.0)
      prawn (>= 0.8.4)
    prawn-table (0.1.1)
    prawn-templates (0.0.3)
      pdf-reader (~> 1.3)
      prawn (>= 0.15.0)
    rake (11.2.2)
    ruby-rc4 (0.1.5)
    treetop (1.5.3)
      polyglot (~> 0.3)
    ttfunk (1.2.2)

PLATFORMS
  ruby

DEPENDENCIES
  asciidoctor
  asciidoctor-pdf
  coderay
  rake

BUNDLED WITH
   1.16.4
